GEM
  remote: http://rubygems.org/
  specs:
    chipmunk (5.3.4.5)
    gosu (0.7.37)
    require_all (1.2.1)

PLATFORMS
  ruby

DEPENDENCIES
  chipmunk
  gosu
  require_all
